GEM
  remote: https://rubygems.org/
  specs:
    foreman (0.78.0)
      thor (~> 0.19.1)
    sass (3.4.11)
    thor (0.19.1)

PLATFORMS
  ruby

DEPENDENCIES
  foreman
  sass
